GEM
  remote: https://rubygems.org/
  specs:
    activesupport (5.0.0)
      concurrent-ruby (~> 1.0, >= 1.0.2)
      i18n (~> 0.7)
      minitest (~> 5.1)
      tzinfo (~> 1.1)
    coderay (1.1.1)
    concurrent-ruby (1.0.2)
    enumerable-lazy (0.0.1)
    erubis (2.7.0)
    i18n (0.7.0)
    mail (2.6.4)
      mime-types (>= 1.16, < 4)
    mime-types (2.99.2)
    mini_portile2 (2.1.0)
    minitest (5.9.0)
    moneta (0.7.20)
    mustermann19 (0.4.4)
      enumerable-lazy
    nokogiri (1.6.8)
      mini_portile2 (~> 2.1.0)
      pkg-config (~> 1.1.7)
    padrino (0.13.2)
      padrino-admin (= 0.13.2)
      padrino-cache (= 0.13.2)
      padrino-core (= 0.13.2)
      padrino-gen (= 0.13.2)
      padrino-helpers (= 0.13.2)
      padrino-mailer (= 0.13.2)
      padrino-support (= 0.13.2)
    padrino-admin (0.13.2)
      padrino-core (= 0.13.2)
      padrino-helpers (= 0.13.2)
    padrino-cache (0.13.2)
      moneta (~> 0.7.0)
      padrino-core (= 0.13.2)
      padrino-helpers (= 0.13.2)
    padrino-core (0.13.2)
      activesupport (>= 3.1)
      mustermann19
      padrino-support (= 0.13.2)
      rack-protection (>= 1.5.0)
      sinatra (~> 1.4.6)
      thor (~> 0.18)
    padrino-gen (0.13.2)
      bundler (~> 1.0)
      padrino-core (= 0.13.2)
    padrino-helpers (0.13.2)
      i18n (~> 0.6, >= 0.6.7)
      padrino-support (= 0.13.2)
      tilt (>= 1.4.1, < 3)
    padrino-mailer (0.13.2)
      mail (~> 2.5)
      mime-types (< 3)
      padrino-core (= 0.13.2)
    padrino-support (0.13.2)
      activesupport (>= 3.1)
    pkg-config (1.1.7)
    rack (1.6.4)
    rack-codehighlighter (0.5.1)
      nokogiri (>= 1.4.1)
      rack (>= 1.0.0)
    rack-protection (1.5.3)
      rack
    rake (11.2.2)
    sequel (4.36.0)
    sinatra (1.4.7)
      rack (~> 1.5)
      rack-protection (~> 1.4)
      tilt (>= 1.3, < 3)
    sqlite3 (1.3.11)
    thor (0.19.1)
    thread_safe (0.3.5)
    tilt (2.0.5)
    tzinfo (1.2.2)
      thread_safe (~> 0.1)

PLATFORMS
  ruby

DEPENDENCIES
  coderay
  erubis (~> 2.7.0)
  padrino (= 0.13.2)
  rack-codehighlighter
  rake
  sequel
  sqlite3

BUNDLED WITH
   1.12.1
